GIT
  remote: https://github.com/alexch/rerun.git
  revision: 3e4c486304be406cb86180ef70ec24e9ae055ce4
  specs:
    rerun (0.11.0)
      listen (~> 3.0)

GIT
  remote: https://github.com/nathanaeljones/hardwired.git
  revision: a20c3c9dc9289d6a90dc611d2fc692118e794c8b
  branch: develop
  specs:
    hardwired (0.4)
      erubis
      nokogiri
      sinatra (>= 1.3.3)
      tilt (>= 2.0.1)

GEM
  remote: http://rubygems.org/
  specs:
    aws-sdk (2.8.7)
      aws-sdk-resources (= 2.8.7)
    aws-sdk-core (2.8.7)
      aws-sigv4 (~> 1.0)
      jmespath (~> 1.0)
    aws-sdk-resources (2.8.7)
      aws-sdk-core (= 2.8.7)
    aws-sigv4 (1.0.0)
    coderay (1.1.1)
    commonjs (0.2.7)
    diffy (3.2.0)
    erubis (2.7.0)
    ffi (1.9.18)
    github-markdown (0.6.9)
    hub (1.12.4)
    jmespath (1.3.1)
    kramdown (1.13.2)
    less (2.6.0)
      commonjs (~> 0.2.7)
    libv8 (3.16.14.19)
    listen (3.1.5)
      rb-fsevent (~> 0.9, >= 0.9.4)
      rb-inotify (~> 0.9, >= 0.9.7)
      ruby_dep (~> 1.2)
    method_source (0.8.2)
    mini_portile2 (2.1.0)
    nokogiri (1.7.1)
      mini_portile2 (~> 2.1.0)
    power_assert (0.4.1)
    pry (0.10.4)
      coderay (~> 1.1.0)
      method_source (~> 0.8.1)
      slop (~> 3.4)
    puma (3.8.2)
    rack (1.6.5)
    rack-cache (1.7.0)
      rack (>= 0.4)
    rack-protection (1.5.3)
      rack
    rack-test (0.6.3)
      rack (>= 1.0)
    rake (12.0.0)
    rb-fsevent (0.9.8)
    rb-inotify (0.9.8)
      ffi (>= 0.5.0)
    ref (2.0.0)
    ruby_dep (1.5.0)
    sass (3.4.23)
    shotgun (0.9.2)
      rack (>= 1.0)
    sinatra (1.4.8)
      rack (~> 1.5)
      rack-protection (~> 1.4)
      tilt (>= 1.3, < 3)
    slim (3.0.7)
      temple (~> 0.7.6)
      tilt (>= 1.3.3, < 2.1)
    slop (3.6.0)
    temple (0.7.7)
    test-unit (3.2.3)
      power_assert
    therubyracer (0.12.3)
      libv8 (~> 3.16.14.15)
      ref
    tilt (2.0.7)
    webrat (0.7.3)
      nokogiri (>= 1.2.0)
      rack (>= 1.0)
      rack-test (>= 0.5.3)
    yui-compressor (0.12.0)

PLATFORMS
  ruby

DEPENDENCIES
  aws-sdk (~> 2)
  diffy
  erubis
  github-markdown (~> 0.6.8)
  hardwired!
  hub
  kramdown
  less
  pry
  puma
  rack-cache
  rack-test
  rake
  rb-fsevent
  rerun!
  sass
  shotgun
  slim
  test-unit
  therubyracer
  webrat
  yui-compressor

RUBY VERSION
   ruby 2.4.0p0

BUNDLED WITH
   1.14.6
