GIT
  remote: git://github.com/alexch/rerun.git
  revision: 8db720f0f407a7e3f156b508f551bf9ef70e10c6
  specs:
    rerun (0.8.1)
      listen (>= 1.0.3)

GIT
  remote: git://github.com/nathanaeljones/hardwired.git
  revision: 124b23e5dd3adb35d3c496e38bea376c229e1afb
  specs:
    hardwired (0.3.2)
      nokogiri
      sinatra (>= 1.3.3)
      tilt

GIT
  remote: git://github.com/populr/less.rb.git
  revision: 2e451e3d96eaf1361fd8f47ffe2adf67443debc8
  branch: v2.2.2-less1.3.3
  submodules: true
  specs:
    less (2.2.2)
      commonjs (~> 0.2.6)

GIT
  remote: git://github.com/slim-template/slim.git
  revision: e6e80239e0603306fe06d7e10d65523f2a3a0c27
  specs:
    slim (2.0.1)
      temple (~> 0.6.6)
      tilt (>= 1.3.3, < 2.1)

GEM
  remote: http://rubygems.org/
  specs:
    columnize (0.3.6)
    commonjs (0.2.7)
    daemons (1.1.9)
    debugger (1.6.1)
      columnize (>= 0.3.1)
      debugger-linecache (~> 1.2.0)
      debugger-ruby_core_source (~> 1.2.3)
    debugger-linecache (1.2.0)
    debugger-ruby_core_source (1.2.3)
    erubis (2.7.0)
    eventmachine (1.0.3)
    ffi (1.9.0)
    honeybadger (1.8.0)
      json
    json (1.8.0)
    libv8 (3.16.14.3)
    listen (1.3.0)
      rb-fsevent (>= 0.9.3)
      rb-inotify (>= 0.9)
      rb-kqueue (>= 0.2)
    mini_portile (0.5.1)
    nokogiri (1.6.0)
      mini_portile (~> 0.5.0)
    rack (1.5.2)
    rack-cache (1.2)
      rack (>= 0.4)
    rack-protection (1.5.0)
      rack
    rack-test (0.6.2)
      rack (>= 1.0)
    rb-fsevent (0.9.3)
    rb-inotify (0.9.1)
      ffi (>= 0.5.0)
    rb-kqueue (0.2.0)
      ffi (>= 0.5.0)
    rdiscount (2.1.6)
    ref (1.0.5)
    sass (3.2.10)
    shotgun (0.9)
      rack (>= 1.0)
    sinatra (1.4.3)
      rack (~> 1.4)
      rack-protection (~> 1.4)
      tilt (~> 1.3, >= 1.3.4)
    temple (0.6.6)
    therubyracer (0.12.0)
      libv8 (~> 3.16.14.0)
      ref
    thin (1.5.1)
      daemons (>= 1.0.9)
      eventmachine (>= 0.12.6)
      rack (>= 1.0.0)
    tilt (1.4.1)
    yui-compressor (0.11.0)

PLATFORMS
  ruby

DEPENDENCIES
  debugger
  erubis
  hardwired!
  honeybadger
  less!
  rack-cache
  rack-test
  rb-fsevent
  rdiscount
  rerun!
  sass
  shotgun
  slim!
  therubyracer
  thin
  yui-compressor
