GIT
  remote: https://github.com/alexch/rerun.git
  revision: dfe1532982e880c391629f9877b699fe06991762
  specs:
    rerun (0.13.1)
      listen (~> 3.0)

GIT
  remote: https://github.com/imazen/hardwired.git
  revision: a20c3c9dc9289d6a90dc611d2fc692118e794c8b
  branch: develop
  specs:
    hardwired (0.4)
      erubis
      nokogiri
      sinatra (>= 1.3.3)
      tilt (>= 2.0.1)

GEM
  remote: http://rubygems.org/
  specs:
    aws-eventstream (1.0.3)
    aws-sdk (2.11.388)
      aws-sdk-resources (= 2.11.388)
    aws-sdk-core (2.11.388)
      aws-sigv4 (~> 1.0)
      jmespath (~> 1.0)
    aws-sdk-resources (2.11.388)
      aws-sdk-core (= 2.11.388)
    aws-sigv4 (1.1.0)
      aws-eventstream (~> 1.0, >= 1.0.2)
    coderay (1.1.2)
    commonjs (0.2.7)
    concurrent-ruby (1.1.5)
    diffy (3.3.0)
    erubis (2.7.0)
    ffi (1.11.1)
    github-markdown (0.6.9)
    hub (1.12.4)
    i18n (1.7.0)
      concurrent-ruby (~> 1.0)
    jmespath (1.4.0)
    kramdown (2.1.0)
    kramdown-parser-gfm (1.1.0)
      kramdown (~> 2.0)
    less (2.6.0)
      commonjs (~> 0.2.7)
    libv8 (3.16.14.19)
    listen (3.2.0)
      rb-fsevent (~> 0.10, >= 0.10.3)
      rb-inotify (~> 0.9, >= 0.9.10)
    method_source (0.9.2)
    mini_portile2 (2.4.0)
    money (6.13.4)
      i18n (>= 0.6.4, <= 2)
    mustermann (1.0.3)
    nio4r (2.5.2)
    nokogiri (1.10.8)
      mini_portile2 (~> 2.4.0)
    power_assert (1.1.5)
    pry (0.12.2)
      coderay (~> 1.1.0)
      method_source (~> 0.9.0)
    puma (4.3.5)
      nio4r (~> 2.0)
    rack (2.0.8)
    rack-cache (1.9.0)
      rack (>= 0.4)
    rack-protection (2.0.7)
      rack
    rack-test (1.1.0)
      rack (>= 1.0, < 3)
    rake (13.0.0)
    rb-fsevent (0.10.3)
    rb-inotify (0.10.0)
      ffi (~> 1.0)
    ref (2.0.0)
    sass (3.7.4)
      sass-listen (~> 4.0.0)
    sass-listen (4.0.0)
      rb-fsevent (~> 0.9, >= 0.9.4)
      rb-inotify (~> 0.9, >= 0.9.7)
    shotgun (0.9.2)
      rack (>= 1.0)
    sinatra (2.0.7)
      mustermann (~> 1.0)
      rack (~> 2.0)
      rack-protection (= 2.0.7)
      tilt (~> 2.0)
    slim (4.0.1)
      temple (>= 0.7.6, < 0.9)
      tilt (>= 2.0.6, < 2.1)
    temple (0.8.2)
    test-unit (3.3.4)
      power_assert
    therubyracer (0.12.3)
      libv8 (~> 3.16.14.15)
      ref
    tilt (2.0.10)
    webrat (0.7.3)
      nokogiri (>= 1.2.0)
      rack (>= 1.0)
      rack-test (>= 0.5.3)
    yui-compressor (0.12.0)

PLATFORMS
  ruby

DEPENDENCIES
  aws-sdk (~> 2)
  diffy
  erubis
  github-markdown (~> 0.6.8)
  hardwired!
  hub
  kramdown
  kramdown-parser-gfm
  less
  money
  pry
  puma
  rack-cache
  rack-test
  rake
  rb-fsevent
  rerun!
  sass
  shotgun
  slim
  test-unit
  therubyracer
  webrat
  yui-compressor

RUBY VERSION
   ruby 2.4.0p0

BUNDLED WITH
   1.17.2
